GEM
  remote: https://rubygems.org/
  specs:
    actionmailer (4.1.14.1)
      actionpack (= 4.1.14.1)
      actionview (= 4.1.14.1)
      mail (~> 2.5, >= 2.5.4)
    actionpack (4.1.14.1)
      actionview (= 4.1.14.1)
      activesupport (= 4.1.14.1)
      rack (~> 1.5.2)
      rack-test (~> 0.6.2)
    actionpack-page_caching (1.0.2)
      actionpack (>= 4.0.0, < 5)
    actionview (4.1.14.1)
      activesupport (= 4.1.14.1)
      builder (~> 3.1)
      erubis (~> 2.7.0)
    active_model_serializers (0.9.4)
      activemodel (>= 3.2)
    activemodel (4.1.14.1)
      activesupport (= 4.1.14.1)
      builder (~> 3.1)
    activerecord (4.1.14.1)
      activemodel (= 4.1.14.1)
      activesupport (= 4.1.14.1)
      arel (~> 5.0.0)
    activesupport (4.1.14.1)
      i18n (~> 0.6, >= 0.6.9)
      json (~> 1.7, >= 1.7.7)
      minitest (~> 5.1)
      thread_safe (~> 0.1)
      tzinfo (~> 1.1)
    addressable (2.4.0)
    arel (5.0.1.20140414130214)
    ast (2.2.0)
    benchmark-ips (2.6.1)
    builder (3.2.2)
    capistrano (2.15.7)
      highline
      net-scp (>= 1.0.0)
      net-sftp (>= 2.0.0)
      net-ssh (>= 2.0.14)
      net-ssh-gateway (>= 1.1.0)
    capybara (2.6.2)
      addressable
      mime-types (>= 1.16)
      nokogiri (>= 1.3.3)
      rack (>= 1.0.0)
      rack-test (>= 0.5.4)
      xpath (~> 2.0)
    chunky_png (1.3.5)
    cliver (0.3.2)
    coffee-rails (4.0.1)
      coffee-script (>= 2.2.0)
      railties (>= 4.0.0, < 5.0)
    coffee-script (2.4.1)
      coffee-script-source
      execjs
    coffee-script-source (1.10.0)
    compass (0.12.7)
      chunky_png (~> 1.2)
      fssm (>= 0.2.7)
      sass (~> 3.2.19)
    compass-rails (2.0.0)
      compass (>= 0.12.2)
    cookiejar (0.3.0)
    d3js-rails (3.1.6)
      railties (>= 3.0, < 5.0)
    daemons (1.2.3)
    database_cleaner (1.3.0)
    derailed (0.1.0)
      derailed_benchmarks
    derailed_benchmarks (1.3.1)
      benchmark-ips (~> 2)
      get_process_mem (~> 0)
      heapy (~> 0)
      memory_profiler (~> 0)
      rack (>= 1)
      rake (> 10, < 12)
      thor (~> 0.19)
    diff-lcs (1.2.5)
    domino (0.7.1)
      capybara (>= 0.4.0)
    em-http-request (1.1.3)
      addressable (>= 2.3.4)
      cookiejar (<= 0.3.0)
      em-socksify (>= 0.3)
      eventmachine (>= 1.0.3)
      http_parser.rb (>= 0.6.0)
    em-socksify (0.3.1)
      eventmachine (>= 1.0.0.beta.4)
    erubis (2.7.0)
    eventmachine (1.0.9.1)
    execjs (2.6.0)
    factory_girl (4.5.0)
      activesupport (>= 3.0.0)
    factory_girl_rails (4.6.0)
      factory_girl (~> 4.5.0)
      railties (>= 3.0.0)
    faye (1.1.2)
      cookiejar (>= 0.3.0)
      em-http-request (>= 0.3.0)
      eventmachine (>= 0.12.0)
      faye-websocket (>= 0.9.1)
      multi_json (>= 1.0.0)
      rack (>= 1.0.0)
      websocket-driver (>= 0.5.1)
    faye-websocket (0.10.2)
      eventmachine (>= 0.12.0)
      websocket-driver (>= 0.5.1)
    font-awesome-rails (4.5.0.0)
      railties (>= 3.2, < 5.0)
    fssm (0.2.10)
    get_process_mem (0.2.0)
    god (0.13.7)
    heapy (0.1.2)
    highline (1.7.8)
    hike (1.2.3)
    http_parser.rb (0.6.0)
    i18n (0.7.0)
    jquery-rails (3.1.4)
      railties (>= 3.0, < 5.0)
      thor (>= 0.14, < 2.0)
    json (1.8.3)
    kaminari (0.16.3)
      actionpack (>= 3.0.0)
      activesupport (>= 3.0.0)
    mail (2.6.3)
      mime-types (>= 1.16, < 3)
    mime-types (2.99)
    memory_profiler (0.9.6)
    mini_portile2 (2.0.0)
    minitest (5.8.4)
    momentjs-rails (2.11.0)
      railties (>= 3.1)
    multi_json (1.11.2)
    net-scp (1.2.1)
      net-ssh (>= 2.6.5)
    net-sftp (2.1.2)
      net-ssh (>= 2.6.5)
    net-ssh (3.0.2)
    net-ssh-gateway (1.2.0)
      net-ssh (>= 2.6.5)
    nokogiri (1.6.7.2)
      mini_portile2 (~> 2.0.0.rc2)
    oj (2.14.4)
    parser (2.3.0.3)
      ast (~> 2.2)
    pg (0.18.4)
    poltergeist (1.9.0)
      capybara (~> 2.1)
      cliver (~> 0.3.1)
      multi_json (~> 1.0)
      websocket-driver (>= 0.2.0)
    powerpack (0.1.1)
    rack (1.5.5)
    rack-test (0.6.3)
      rack (>= 1.0)
    rails (4.1.14.1)
      actionmailer (= 4.1.14.1)
      actionpack (= 4.1.14.1)
      actionview (= 4.1.14.1)
      activemodel (= 4.1.14.1)
      activerecord (= 4.1.14.1)
      activesupport (= 4.1.14.1)
      bundler (>= 1.3.0, < 2.0)
      railties (= 4.1.14.1)
      sprockets-rails (~> 2.0)
    rails-observers (0.1.2)
      activemodel (~> 4.0)
    railties (4.1.14.1)
      actionpack (= 4.1.14.1)
      activesupport (= 4.1.14.1)
      rake (>= 0.8.7)
      thor (>= 0.18.1, < 2.0)
    rainbow (2.1.0)
    raindrops (0.15.0)
    rake (10.5.0)
    rickshaw_rails (1.4.5)
      railties (>= 3.1.0)
    rspec-collection_matchers (1.1.2)
      rspec-expectations (>= 2.99.0.beta1)
    rspec-core (2.99.2)
    rspec-expectations (2.99.2)
      diff-lcs (>= 1.1.3, < 2.0)
    rspec-mocks (2.99.4)
    rspec-rails (2.99.0)
      actionpack (>= 3.0)
      activemodel (>= 3.0)
      activesupport (>= 3.0)
      railties (>= 3.0)
      rspec-collection_matchers
      rspec-core (~> 2.99.0)
      rspec-expectations (~> 2.99.0)
      rspec-mocks (~> 2.99.0)
    rubocop (0.37.0)
      parser (>= 2.3.0.2, < 3.0)
      powerpack (~> 0.1)
      rainbow (>= 1.99.1, < 3.0)
      ruby-progressbar (~> 1.7)
      unicode-display_width (~> 0.3)
    ruby-progressbar (1.7.5)
    sass (3.2.19)
    sass-rails (4.0.5)
      railties (>= 4.0.0, < 5.0)
      sass (~> 3.2.2)
      sprockets (~> 2.8, < 3.0)
      sprockets-rails (~> 2.0)
    sprockets (2.12.4)
      hike (~> 1.2)
      multi_json (~> 1.0)
      rack (~> 1.0)
      tilt (~> 1.1, != 1.3.0)
    sprockets-rails (2.3.3)
      actionpack (>= 3.0)
      activesupport (>= 3.0)
      sprockets (>= 2.8, < 4.0)
    stackprof (0.2.9)
    thin (1.6.4)
      daemons (~> 1.0, >= 1.0.9)
      eventmachine (~> 1.0, >= 1.0.4)
      rack (~> 1.0)
    thor (0.19.1)
    thread_safe (0.3.5)
    tilt (1.4.1)
    timecop (0.8.0)
    tzinfo (1.2.2)
      thread_safe (~> 0.1)
    uglifier (2.7.2)
      execjs (>= 0.3.0)
      json (>= 1.8.0)
    underscore-rails (1.8.3)
    unicode-display_width (0.3.1)
    websocket-driver (0.6.3)
      websocket-extensions (>= 0.1.0)
    websocket-extensions (0.1.2)
    xpath (2.0.0)
      nokogiri (~> 1.3)

PLATFORMS
  ruby

DEPENDENCIES
  actionpack-page_caching
  active_model_serializers
  capistrano (< 3.0)
  capybara (~> 2.0)
  coffee-rails (~> 4.0.0)
  compass-rails
  d3js-rails
  database_cleaner (< 1.4.0)
  derailed
  domino
  factory_girl_rails
  faye
  font-awesome-rails
  god
  jquery-rails
  kaminari
  momentjs-rails
  nokogiri
  oj
  pg
  poltergeist (~> 1.1)
  rails (~> 4.1.8)
  rails-observers
  raindrops
  rickshaw_rails
  rspec-rails (~> 2.0)
  rubocop
  sass-rails (~> 4.0.4)
  stackprof
  thin
  timecop
  uglifier (>= 1.3.0)
  underscore-rails

BUNDLED WITH
   1.11.2
